GEM
  remote: http://rubygems.org/
  specs:
    rack (2.0.1)
    rack-app (5.6.0)
      rack

PLATFORMS
  ruby

DEPENDENCIES
  rack-app (~> 5.6)

BUNDLED WITH
   1.11.2
